GEM
  remote: http://rubygems.org/
  specs:
    BoilerpipeArticle (0.1)
      mida (= 0.3.9)
      nokogiri (= 1.6.8)
    addressable (2.3.8)
    blankslate (3.1.3)
    coderay (1.1.1)
    faraday (0.9.2)
      multipart-post (>= 1.2, < 3)
    faraday_middleware (0.10.0)
      faraday (>= 0.7.4, < 0.10)
    feedjira (2.0.0)
      faraday (~> 0.9)
      faraday_middleware (~> 0.9)
      loofah (~> 2.0)
      sax-machine (~> 1.0)
    loofah (2.0.3)
      nokogiri (>= 1.5.9)
    method_source (0.8.2)
    mida (0.3.9)
      addressable (~> 2.3.8)
      blankslate (= 3.1.3)
      nokogiri (>= 1.6)
    mini_portile2 (2.1.0)
    multipart-post (2.0.0)
    nokogiri (1.6.8)
      mini_portile2 (~> 2.1.0)
      pkg-config (~> 1.1.7)
    pkg-config (1.1.7)
    pry (0.10.4)
      coderay (~> 1.1.0)
      method_source (~> 0.8.1)
      slop (~> 3.4)
    sax-machine (1.3.2)
    slop (3.6.0)

PLATFORMS
  ruby

DEPENDENCIES
  BoilerpipeArticle
  faraday
  feedjira
  pry

BUNDLED WITH
   1.13.0
